GEM
  remote: https://rubygems.org/
  specs:
    addressable (2.3.8)
    ast (2.3.0)
    faraday (0.9.2)
      multipart-post (>= 1.2, < 3)
    git (1.2.9.1)
    multipart-post (2.0.0)
    octokit (4.1.1)
      sawyer (~> 0.6.0, >= 0.5.3)
    parser (2.3.3.0)
      ast (~> 2.2)
    powerpack (0.1.1)
    rainbow (2.1.0)
    rubocop (0.46.0)
      parser (>= 2.3.1.1, < 3.0)
      powerpack (~> 0.1)
      rainbow (>= 1.99.1, < 3.0)
      ruby-progressbar (~> 1.7)
      unicode-display_width (~> 1.0, >= 1.0.1)
    ruby-progressbar (1.8.1)
    sawyer (0.6.0)
      addressable (~> 2.3.5)
      faraday (~> 0.8, < 0.10)
    unicode-display_width (1.1.1)

PLATFORMS
  ruby

DEPENDENCIES
  git (~> 1.2)
  octokit (~> 4.0)
  rubocop

BUNDLED WITH
   1.13.6
